GIT
  remote: git@github.com:slagyr/cleananalytics_rb.git
  revision: ef247725366daf1e385240b59de5bd64d6855a32
  ref: master
  specs:
    cleananalytics (1.0.0)

GIT
  remote: git@github.com:slagyr/cleandata_rb.git
  revision: 80948b7e78894845005322aac0010b696e8b97f4
  ref: master
  specs:
    cleandata (1.0.0)

GEM
  remote: http://rubygems.org/
  specs:
    diff-lcs (1.1.3)
    limelight (0.5.5-java)
    rake (0.9.2.2)
    rspec (2.6.0)
      rspec-core (~> 2.6.0)
      rspec-expectations (~> 2.6.0)
      rspec-mocks (~> 2.6.0)
    rspec-core (2.6.4)
    rspec-expectations (2.6.0)
      diff-lcs (~> 1.1.2)
    rspec-mocks (2.6.0)

PLATFORMS
  java

DEPENDENCIES
  cleananalytics!
  cleandata!
  limelight (~> 0.5.0)
  rake
  rspec (~> 2.6.0)
