GIT
  remote: git@github.com:slagyr/cleandata_rb.git
  revision: e2e7ce9beab5140fabf2353865a498050d2473b9
  ref: master
  specs:
    cleandata (1.0.0)

GEM
  remote: http://rubygems.org/
  specs:
    diff-lcs (1.1.2)
    limelight (0.5.5-java)
    rake (0.9.2)
    rspec (2.6.0)
      rspec-core (~> 2.6.0)
      rspec-expectations (~> 2.6.0)
      rspec-mocks (~> 2.6.0)
    rspec-core (2.6.4)
    rspec-expectations (2.6.0)
      diff-lcs (~> 1.1.2)
    rspec-mocks (2.6.0)

PLATFORMS
  java
  ruby

DEPENDENCIES
  cleandata!
  limelight (~> 0.5.0)
  rake
  rspec (~> 2.6.0)
