GIT
  remote: git@github.com:slagyr/cleandata_rb.git
  revision: 3a13fc19bfb4ca5e9a9a8b7bd0e74ac9fa455566
  ref: master
  specs:
    cleandata (1.0.0)

GEM
  remote: http://rubygems.org/
  specs:
    diff-lcs (1.1.3)
    limelight (0.5.5-java)
    rspec (2.6.0)
      rspec-core (~> 2.6.0)
      rspec-expectations (~> 2.6.0)
      rspec-mocks (~> 2.6.0)
    rspec-core (2.6.4)
    rspec-expectations (2.6.0)
      diff-lcs (~> 1.1.2)
    rspec-mocks (2.6.0)

PLATFORMS
  java
  ruby

DEPENDENCIES
  cleandata!
  limelight (~> 0.5.0)
  rspec (~> 2.6.0)
