GIT
  remote: git@github.com:slagyr/cleananalytics_rb.git
  revision: 5d52c8c51b764bfea3bb07877e2cc8a5b8b88399
  ref: master
  specs:
    cleananalytics (1.0.0)

GIT
  remote: git@github.com:slagyr/cleandata_rb.git
  revision: 80948b7e78894845005322aac0010b696e8b97f4
  ref: master
  specs:
    cleandata (1.0.0)

GEM
  remote: http://rubygems.org/
  specs:
    diff-lcs (1.1.3)
    limelight (0.5.5-java)
    rake (0.9.2)
    rspec (2.6.0)
      rspec-core (~> 2.6.0)
      rspec-expectations (~> 2.6.0)
      rspec-mocks (~> 2.6.0)
    rspec-core (2.6.4)
    rspec-expectations (2.6.0)
      diff-lcs (~> 1.1.2)
    rspec-mocks (2.6.0)

PLATFORMS
  java

DEPENDENCIES
  cleananalytics!
  cleandata!
  limelight (~> 0.5.0)
  rake
  rspec (~> 2.6.0)
